GEM
  remote: https://rubygems.org/
  specs:
    after_do (0.4.0)
    chronic (0.10.2)
    faker (1.6.3)
      i18n (~> 0.5)
    furoshiki (0.3.1)
      plist
      rubyzip (>= 1.0.0)
      warbler (~> 1.4.4)
    i18n (0.7.0)
    jruby-jars (1.7.25)
    jruby-rack (1.1.20)
    json (1.8.3-java)
    nokogiri (1.6.7.2-java)
    plist (3.2.0)
    rake (11.1.2)
    roo (2.3.2)
      nokogiri (~> 1)
      rubyzip (~> 1.1, < 2.0.0)
    rubyzip (1.1.7)
    shoes-core (4.0.0.pre5)
    shoes-package (4.0.0.pre5)
      furoshiki (~> 0.3.1)
      shoes-core (= 4.0.0.pre5)
    shoes-swt (4.0.0.pre5)
      after_do (~> 0.3)
      shoes-core (= 4.0.0.pre5)
      shoes-package (= 4.0.0.pre5)
      swt (~> 4.4)
    swt (4.4)
    warbler (1.4.9)
      jruby-jars (>= 1.5.6, < 2.0)
      jruby-rack (>= 1.1.1, < 1.3)
      rake (>= 0.9.6)
      rubyzip (>= 0.9, < 1.2)

PLATFORMS
  java

DEPENDENCIES
  chronic
  faker
  json
  rake
  roo (~> 2.3.2)
  shoes-core (~> 4.0.0.pre5)
  shoes-swt (~> 4.0.0.pre5)

RUBY VERSION
   ruby 2.2.3p0 (jruby 9.0.5.0)

BUNDLED WITH
   1.12.1
