GEM
  remote: https://rubygems.org/
  specs:
    chronic (0.10.2)
    faker (1.6.3)
      i18n (~> 0.5)
    i18n (0.7.0)
    json (1.8.3)
    mini_portile2 (2.0.0)
    nokogiri (1.6.7.2)
      mini_portile2 (~> 2.0.0.rc2)
    rake (11.1.2)
    roo (2.3.2)
      nokogiri (~> 1)
      rubyzip (~> 1.1, < 2.0.0)
    rubyzip (1.2.0)

PLATFORMS
  ruby

DEPENDENCIES
  chronic
  faker
  json
  rake
  roo (~> 2.3.2)

BUNDLED WITH
   1.12.1
